PATH
  remote: .
  specs:
    zodiac-finder (0.1.0)

GEM
  remote: https://rubygems.org/
  specs:
    ansi (1.5.0)
    builder (3.3.0)
    cgi (0.5.0)
    date (3.4.1)
    erb (4.0.4)
      cgi (>= 0.3.3)
    io-console (0.8.1)
    irb (1.15.2)
      pp (>= 0.6.0)
      rdoc (>= 4.0.0)
      reline (>= 0.4.2)
    minitest (5.26.0)
    minitest-reporters (1.7.1)
      ansi
      builder
      minitest (>= 5.0)
      ruby-progressbar
    pp (0.6.3)
      prettyprint
    prettyprint (0.2.0)
    psych (5.2.6)
      date
      stringio
    rake (13.3.0)
    rdoc (6.15.0)
      erb
      psych (>= 4.0.0)
      tsort
    reline (0.6.2)
      io-console (~> 0.5)
    ruby-progressbar (1.13.0)
    stringio (3.1.7)
    tsort (0.2.0)

PLATFORMS
  arm64-darwin-20
  ruby

DEPENDENCIES
  irb
  minitest
  minitest-reporters
  rake
  zodiac-finder!

BUNDLED WITH
   2.6.5
